GEM
  remote: http://rubygems.org/
  specs:
    activesupport (3.2.11)
      i18n (~> 0.6)
      multi_json (~> 1.0)
    eventmachine (1.0.0)
    faraday (0.8.4)
      multipart-post (~> 1.1)
    faraday_middleware (0.9.0)
      faraday (>= 0.7.4, < 0.9)
    hashie (1.2.0)
    hpricot (0.8.6)
    http_parser.rb (0.5.3)
    i18n (0.6.1)
    json (1.7.6)
    little-plugger (1.1.3)
    logging (1.8.1)
      little-plugger (>= 1.1.3)
      multi_json (>= 1.3.6)
    mime-types (1.19)
    multi_json (1.5.0)
    multipart-post (1.1.5)
    simple_oauth (0.1.9)
    tinder (1.9.2)
      eventmachine (~> 1.0)
      faraday (~> 0.8)
      faraday_middleware (~> 0.9)
      hashie (~> 1.0)
      json (~> 1.7.5)
      mime-types (~> 1.19)
      multi_json (~> 1.5)
      twitter-stream (~> 0.1)
    twitter-stream (0.1.16)
      eventmachine (>= 0.12.8)
      http_parser.rb (~> 0.5.1)
      simple_oauth (~> 0.1.4)

PLATFORMS
  ruby

DEPENDENCIES
  activesupport
  hpricot
  i18n
  logging
  mime-types
  tinder (>= 1.4.3)
  twitter-stream
